GIT
  remote: git://github.com/chriseppstein/compass
  revision: a23739da1b25c066a11403357803bc2b7f7aea4d
  branch: master
  specs:
    compass (0.13.alpha.4.a23739d)
      chunky_png (~> 1.2)
      listen (~> 1.1.0)
      sass (~> 3.3.0.alpha)

GIT
  remote: git://github.com/ericam/accoutrement
  revision: c9265399900c619191bc79cc5987a34ade747b50
  branch: master
  specs:
    accoutrement (0.0.5)
      compass (>= 0.12.2)

GEM
  remote: http://rubygems.org/
  specs:
    chunky_png (1.2.8)
    ffi (1.9.0)
    listen (1.1.6)
      rb-fsevent (>= 0.9.3)
      rb-inotify (>= 0.9)
      rb-kqueue (>= 0.2)
    modular-scale (1.0.6)
      compass (>= 0.12.1)
      sass (>= 3.2.0)
      sassy-math (>= 1.5)
    rb-fsevent (0.9.3)
    rb-inotify (0.9.2)
      ffi (>= 0.5.0)
    rb-kqueue (0.2.0)
      ffi (>= 0.5.0)
    sass (3.3.0.alpha.353)
      listen (~> 1.1.0)
    sassy-math (1.5)
      compass (~> 0.11)
    susy (2.0.0.alpha.4)
      compass (>= 0.12.2)
      sass (>= 3.2.0)

PLATFORMS
  ruby

DEPENDENCIES
  accoutrement!
  compass!
  modular-scale (~> 1.0.2)
  sass (~> 3.3.0.alpha.353)
  susy (= 2.0.0.alpha.4)
